PATH
  remote: .
  specs:
    usps_flags (0.1.10)
      file_utils (~> 1.1, >= 1.1.2)
      mini_magick (~> 4.8, >= 4.8.0)
      rubyzip (~> 1.2, >= 1.2.1)

GEM
  remote: https://rubygems.org/
  specs:
    diff-lcs (1.3)
    file_utils (1.1.2)
    mini_magick (4.8.0)
    rspec (3.7.0)
      rspec-core (~> 3.7.0)
      rspec-expectations (~> 3.7.0)
      rspec-mocks (~> 3.7.0)
    rspec-core (3.7.0)
      rspec-support (~> 3.7.0)
    rspec-expectations (3.7.0)
      diff-lcs (>= 1.2.0, < 2.0)
      rspec-support (~> 3.7.0)
    rspec-mocks (3.7.0)
      diff-lcs (>= 1.2.0, < 2.0)
      rspec-support (~> 3.7.0)
    rspec-support (3.7.0)
    rubyzip (1.2.1)

PLATFORMS
  ruby

DEPENDENCIES
  rspec
  usps_flags!

BUNDLED WITH
   1.14.6
