PATH
  remote: .
  specs:
    usps_flags (0.5.8)
      file_utils (~> 1.1, >= 1.1.2)
      mini_magick (~> 4.9, >= 4.9.4)
      rubyzip (~> 1.3, >= 1.3.0)

GEM
  remote: https://rubygems.org/
  specs:
    ast (2.4.0)
    diff-lcs (1.3)
    docile (1.1.5)
    file_utils (1.1.2)
    jaro_winkler (1.5.4)
    json (2.1.0)
    mini_magick (4.9.5)
    parallel (1.19.1)
    parser (2.6.5.0)
      ast (~> 2.4.0)
    rainbow (3.0.0)
    rake (12.3.0)
    rspec (3.7.0)
      rspec-core (~> 3.7.0)
      rspec-expectations (~> 3.7.0)
      rspec-mocks (~> 3.7.0)
    rspec-core (3.7.0)
      rspec-support (~> 3.7.0)
    rspec-expectations (3.7.0)
      diff-lcs (>= 1.2.0, < 2.0)
      rspec-support (~> 3.7.0)
    rspec-mocks (3.7.0)
      diff-lcs (>= 1.2.0, < 2.0)
      rspec-support (~> 3.7.0)
    rspec-support (3.7.0)
    rubocop (0.77.0)
      jaro_winkler (~> 1.5.1)
      parallel (~> 1.10)
      parser (>= 2.6)
      rainbow (>= 2.2.2, < 4.0)
      ruby-progressbar (~> 1.7)
      unicode-display_width (>= 1.4.0, < 1.7)
    rubocop-rspec (1.33.0)
      rubocop (>= 0.60.0)
    ruby-progressbar (1.10.1)
    rubyzip (1.3.0)
    simplecov (0.15.1)
      docile (~> 1.1.0)
      json (>= 1.8, < 3)
      simplecov-html (~> 0.10.0)
    simplecov-html (0.10.2)
    unicode-display_width (1.6.0)

PLATFORMS
  ruby

DEPENDENCIES
  rake (~> 12.2, >= 12.2.1)
  rspec (~> 3.7, >= 3.7.0)
  rubocop (~> 0.77, >= 0.77.0)
  rubocop-rspec (~> 1.30, >= 1.30.0)
  simplecov (~> 0.15, >= 0.15.1)
  usps_flags!

BUNDLED WITH
   1.17.3
